PATH
  remote: .
  specs:
    parallel_split_test (0.2.0)
      parallel (>= 0.5.13)
      rspec (>= 2)

GEM
  remote: https://rubygems.org/
  specs:
    bump (0.4.1)
    diff-lcs (1.2.3)
    parallel (0.6.4)
    rake (10.0.4)
    rspec (2.13.0)
      rspec-core (~> 2.13.0)
      rspec-expectations (~> 2.13.0)
      rspec-mocks (~> 2.13.0)
    rspec-core (2.13.1)
    rspec-expectations (2.13.0)
      diff-lcs (>= 1.1.3, < 2.0)
    rspec-mocks (2.13.1)

PLATFORMS
  ruby

DEPENDENCIES
  bump
  parallel_split_test!
  rake
