PATH
  remote: .
  specs:
    parallel_split_test (0.2.0)
      parallel (>= 0.5.13)
      rspec (>= 2)

GEM
  remote: https://rubygems.org/
  specs:
    diff-lcs (1.1.3)
    parallel (0.5.13)
    rake (0.9.2)
    rspec (2.8.0)
      rspec-core (~> 2.8.0)
      rspec-expectations (~> 2.8.0)
      rspec-mocks (~> 2.8.0)
    rspec-core (2.8.0)
    rspec-expectations (2.8.0)
      diff-lcs (~> 1.1.2)
    rspec-mocks (2.8.0)

PLATFORMS
  ruby

DEPENDENCIES
  parallel_split_test!
  rake
